GEM
  remote: http://rubygems.org/
  specs:
    addressable (2.2.7)
    daemons (1.1.8)
    data_objects (0.10.8)
      addressable (~> 2.1)
    dm-core (1.2.0)
      addressable (~> 2.2.6)
    dm-do-adapter (1.2.0)
      data_objects (~> 0.10.6)
      dm-core (~> 1.2.0)
    dm-migrations (1.2.0)
      dm-core (~> 1.2.0)
    dm-serializer (1.2.1)
    dm-sqlite-adapter (1.2.0)
      dm-do-adapter (~> 1.2.0)
      do_sqlite3 (~> 0.10.6)
    dm-validations (1.2.0)
      dm-core (~> 1.2.0)
    do_sqlite3 (0.10.8)
      data_objects (= 0.10.8)
    em-websocket (0.3.6)
      addressable (>= 2.1.1)
      eventmachine (>= 0.12.9)
    eventmachine (0.12.10)
    jira4r-jh-ruby1.9 (0.4.0)
      soap4r-ruby1.9
      soap4r-ruby1.9
    json_pure (1.5.0)
    multi_json (1.1.0)
    rack (1.4.1)
    rack-protection (1.2.0)
      rack
    rake (0.8.7)
    settingslogic (2.0.8)
    sinatra (1.3.2)
      rack (~> 1.3, >= 1.3.6)
      rack-protection (~> 1.2)
      tilt (~> 1.3, >= 1.3.3)
    sinatra-content-for (0.1)
      sinatra
    sinatra-flash (0.3.0)
      sinatra (>= 1.0.0)
    soap4r-ruby1.9 (2.0.5)
    thin (1.2.7)
      daemons (>= 1.0.9)
      eventmachine (>= 0.12.6)
      rack (>= 1.0.0)
    tilt (1.3.3)

PLATFORMS
  ruby

DEPENDENCIES
  dm-core (= 1.2.0)
  dm-migrations (= 1.2.0)
  dm-serializer (= 1.2.1)
  dm-sqlite-adapter (= 1.2.0)
  dm-validations (= 1.2.0)
  em-websocket (= 0.3.6)
  eventmachine (= 0.12.10)
  jira4r-jh-ruby1.9
  json_pure (= 1.5.0)
  multi_json (~> 1.1.0)
  rake (= 0.8.7)
  settingslogic
  sinatra (= 1.3.2)
  sinatra-content-for
  sinatra-flash
  thin (= 1.2.7)
