GEM
  remote: http://rubygems.org/
  specs:
    addressable (2.2.2)
    daemons (1.1.0)
    data_objects (0.10.2)
      addressable (~> 2.1)
    dm-core (1.0.2)
      addressable (~> 2.2)
      extlib (~> 0.9.15)
    dm-do-adapter (1.0.2)
      data_objects (~> 0.10.2)
      dm-core (~> 1.0.2)
    dm-migrations (1.0.2)
      dm-core (~> 1.0.2)
    dm-serializer (1.0.2)
      dm-core (~> 1.0.2)
      fastercsv (~> 1.5.3)
      json_pure (~> 1.4)
    dm-sqlite-adapter (1.0.2)
      dm-do-adapter (~> 1.0.2)
      do_sqlite3 (~> 0.10.2)
    dm-validations (1.0.2)
      dm-core (~> 1.0.2)
    do_sqlite3 (0.10.2)
      data_objects (= 0.10.2)
    em-websocket (0.2.0)
      addressable (>= 2.1.1)
      eventmachine (>= 0.12.9)
    eventmachine (0.12.10)
    extlib (0.9.15)
    fastercsv (1.5.4)
    httpclient (2.1.6.1)
    jira4r-jh (0.4.0)
      soap4r
      soap4r
    json_pure (1.5.0)
    rack (1.2.1)
    rack-flash (0.1.1)
      rack
    rake (0.8.7)
    settingslogic (2.0.6)
    sinatra (1.1.2)
      rack (~> 1.1)
      tilt (~> 1.2)
    sinatra-content-for (0.2)
      sinatra
    soap4r (1.5.8)
      httpclient (>= 2.1.1)
    thin (1.2.7)
      daemons (>= 1.0.9)
      eventmachine (>= 0.12.6)
      rack (>= 1.0.0)
    tilt (1.2.1)

PLATFORMS
  ruby

DEPENDENCIES
  dm-core
  dm-migrations
  dm-serializer
  dm-sqlite-adapter
  dm-validations
  em-websocket (= 0.2.0)
  eventmachine (= 0.12.10)
  jira4r-jh
  json_pure (= 1.5.0)
  rack-flash
  rake (= 0.8.7)
  settingslogic
  sinatra (= 1.1.2)
  sinatra-content-for
  thin (= 1.2.7)
